GEM
  remote: https://rubygems.org/
  specs:
    rack (3.0.4.1)
    warden (1.2.9)
      rack (>= 2.0.9)

PLATFORMS
  x86_64-darwin-18
  x86_64-linux

DEPENDENCIES
  warden

BUNDLED WITH
   2.2.3
