GEM
  remote: https://rubygems.org/
  specs:
    ecma-re-validator (0.4.0)
      regexp_parser (~> 2.2)
    hana (1.3.7)
    json_schemer (0.2.21)
      ecma-re-validator (~> 0.3)
      hana (~> 1.3)
      regexp_parser (~> 2.0)
      uri_template (~> 0.7)
    regexp_parser (2.4.0)
    uri_template (0.7.0)

PLATFORMS
  ruby

DEPENDENCIES
  json_schemer

BUNDLED WITH
   2.1.4
